GEM
  remote: https://rubygems.org/
  specs:
    addressable (2.8.0)
      public_suffix (>= 2.0.2, < 5.0)
    coderay (1.1.2)
    down (4.8.0)
      addressable (~> 2.5)
    method_source (0.9.2)
    pry (0.12.2)
      coderay (~> 1.1.0)
      method_source (~> 0.9.0)
    public_suffix (4.0.6)

PLATFORMS
  ruby

DEPENDENCIES
  down
  pry

BUNDLED WITH
   1.17.2
